GEM
  remote: https://rubygems.org/
  specs:
    coderay (1.0.9)
    docs (0.0.8)
      coderay (~> 1.0.5)
      redcarpet (~> 2.1.0)
      thor (~> 0.14.6)
    redcarpet (2.1.1)
    thor (0.14.6)

PLATFORMS
  x64-mingw32

DEPENDENCIES
  docs

BUNDLED WITH
   2.2.31
